{
	"Modality": "MR",
	"MagneticFieldStrength": 3,
	"ImagingFrequency": 123.211,
	"Manufacturer": "Siemens",
	"ManufacturersModelName": "Prisma_fit",
	"InstitutionName": "Robarts-CFMM",
	"InstitutionalDepartmentName": "CFMM",
	"InstitutionAddress": "Perth_Drive_100_London_Ontario_CA_N6A_5K8",
	"DeviceSerialNumber": "67007",
	"StationName": "MRC35368",
	"BodyPartExamined": "BRAIN",
	"PatientPosition": "HFS",
	"ProcedureStepDescription": "Ansari_EnumAdapt",
	"SoftwareVersions": "syngo_MR_E11",
	"MRAcquisitionType": "2D",
	"SeriesDescription": "ep_bold_mb4_EnumAdapt",
	"ProtocolName": "ep_bold_mb4_EnumAdapt",
	"ScanningSequence": "EP",
	"SequenceVariant": "SK_SS",
	"ScanOptions": "PFP_FS",
	"SequenceName": "epfid2d1_84",
	"ImageType": ["ORIGINAL", "PRIMARY", "M", "MB", "ND", "NORM", "MOSAIC"],
	"SeriesNumber": 3,
	"AcquisitionTime": "11:56:33.365000",
	"AcquisitionNumber": 1,
	"ImageComments": "Unaliased_MB4_PE3",
	"SliceThickness": 2.5,
	"SpacingBetweenSlices": 2.5,
	"SAR": 0.0720497,
	"EchoTime": 0.03,
	"RepetitionTime": 1,
	"FlipAngle": 40,
	"PartialFourier": 0.875,
	"BaseResolution": 84,
	"ShimSetting": [
		5267,
		-6181,
		-3969,
		857,
		249,
		287,
		-230,
		-79	],
	"TxRefAmp": 248.804,
	"PhaseResolution": 1,
	"ReceiveCoilName": "Head_32",
	"ReceiveCoilActiveElements": "HEA;HEP",
	"PulseSequenceDetails": "%CustomerSeq%_cmrr_mbep2d_bold",
	"WipMemBlock": "23c62380-f895-45d2-aa32-26c764cb5173||Sequence: R016 ve11c/master r/e634e98; Dec 19 2017 11:00:25 by eja",
	"ConsistencyInfo": "N4_VE11C_LATEST_20160120",
	"MultibandAccelerationFactor": 4,
	"PercentPhaseFOV": 100,
	"EchoTrainLength": 74,
	"PhaseEncodingSteps": 74,
	"AcquisitionMatrixPE": 84,
	"ReconMatrixPE": 84,
	"BandwidthPerPixelPhaseEncode": 15.664,
	"EffectiveEchoSpacing": 0.000760008,
	"DerivedVendorReportedEchoSpacing": 0.000760008,
	"TotalReadoutTime": 0.0630806,
	"PixelBandwidth": 1565,
	"DwellTime": 3.8e-06,
	"PhaseEncodingDirection": "j-",
	"SliceTiming": [
		0,
		0.4075,
		0.815,
		0.245,
		0.6525,
		0.08,
		0.49,
		0.8975,
		0.325,
		0.735,
		0.1625,
		0.57,
		0,
		0.4075,
		0.815,
		0.245,
		0.6525,
		0.08,
		0.49,
		0.8975,
		0.325,
		0.735,
		0.1625,
		0.57,
		0,
		0.4075,
		0.815,
		0.245,
		0.6525,
		0.08,
		0.49,
		0.8975,
		0.325,
		0.735,
		0.1625,
		0.57,
		0,
		0.4075,
		0.815,
		0.245,
		0.6525,
		0.08,
		0.49,
		0.8975,
		0.325,
		0.735,
		0.1625,
		0.57	],
	"ImageOrientationPatientDICOM": [
		1,
		0,
		0,
		0,
		0.890213,
		-0.455545	],
	"InPlanePhaseEncodingDirectionDICOM": "COL",
	"ConversionSoftware": "dcm2niix",
	"ConversionSoftwareVersion": "v1.0.20181114  Clang4.0.1"
}
